PATH
  remote: .
  specs:
    elastic_parser (0.1.0)
      parslet

GEM
  remote: https://rubygems.org/
  specs:
    diff-lcs (1.3)
    parslet (2.0.0)
    rake (12.3.3)
    rspec (3.9.0)
      rspec-core (~> 3.9.0)
      rspec-expectations (~> 3.9.0)
      rspec-mocks (~> 3.9.0)
    rspec-core (3.9.1)
      rspec-support (~> 3.9.1)
    rspec-expectations (3.9.0)
      diff-lcs (>= 1.2.0, < 2.0)
      rspec-support (~> 3.9.0)
    rspec-mocks (3.9.1)
      diff-lcs (>= 1.2.0, < 2.0)
      rspec-support (~> 3.9.0)
    rspec-support (3.9.2)

PLATFORMS
  ruby

DEPENDENCIES
  elastic_parser!
  rake (~> 12.0)
  rspec (~> 3.0)

BUNDLED WITH
   2.1.4
